PATH
  remote: .
  specs:
    versed (0.1.0)
      mustache (~> 1.0)

GEM
  remote: https://rubygems.org/
  specs:
    mustache (1.0.3)

PLATFORMS
  ruby

DEPENDENCIES
  versed!

BUNDLED WITH
   1.11.2
