PATH
  remote: .
  specs:
    versed (0.1.0)
      imgkit (~> 1.6.1)
      mustache (~> 1.0)
      wkhtmltoimage-binary (~> 0.12.2)

GEM
  remote: https://rubygems.org/
  specs:
    imgkit (1.6.1)
    mustache (1.0.3)
    wkhtmltoimage-binary (0.12.2)

PLATFORMS
  ruby

DEPENDENCIES
  versed!

BUNDLED WITH
   1.11.2
