PATH
  remote: .
  specs:
    versed (0.1.0)
      mustache (~> 1.0)
      pdfkit (~> 0.8.2)
      wkhtmltopdf-binary (~> 0.12.3)

GEM
  remote: https://rubygems.org/
  specs:
    mustache (1.0.3)
    pdfkit (0.8.2)
    wkhtmltopdf-binary (0.12.3)

PLATFORMS
  ruby

DEPENDENCIES
  versed!

BUNDLED WITH
   1.11.2
